GEM
  remote: http://rubygems.org/
  specs:
    httpclient (2.3.3)
    net-sftp (2.1.2)
      net-ssh (>= 2.6.5)
    net-ssh (2.6.7)
    trollop (2.0)

PLATFORMS
  ruby

DEPENDENCIES
  httpclient
  net-sftp
  trollop
